GEM
  specs:
    crack (0.1.8)
    httparty (0.7.7)
      crack (= 0.1.8)
    rack (1.3.0)
    sinatra (1.2.6)
      rack (~> 1.1)
      tilt (< 2.0, >= 1.2.2)
    smsified (0.1.1)
      httparty
    tilt (1.3.2)

PLATFORMS
  ruby

DEPENDENCIES
  sinatra
  smsified
